PATH
  remote: .
  specs:
    jira-rest (0.1.1)
      httparty (~> 0.11)

GEM
  remote: http://rubygems.org/
  specs:
    builder (3.2.2)
    cucumber (1.3.9)
      builder (>= 2.1.2)
      diff-lcs (>= 1.1.3)
      gherkin (~> 2.12)
      multi_json (>= 1.7.5, < 2.0)
      multi_test (>= 0.0.2)
    diff-lcs (1.2.4)
    gherkin (2.12.2)
      multi_json (~> 1.3)
    httparty (0.13.0)
      json (~> 1.8)
      multi_xml (>= 0.5.2)
    json (1.8.1)
    multi_json (1.8.2)
    multi_test (0.0.2)
    multi_xml (0.5.5)
    rake (10.1.1)
    redcarpet (3.1.1)
    yard (0.8.7.3)
    yard-cucumber (2.3.2)
      cucumber (~> 1.3)
      gherkin (~> 2.12)
      yard (>= 0.8.1)

PLATFORMS
  ruby

DEPENDENCIES
  cucumber (~> 1.3)
  jira-rest!
  rake (~> 10.1)
  redcarpet (~> 3.1)
  yard (~> 0.8)
  yard-cucumber (~> 2.3)
